GIT
  remote: http://github.com/intridea/grape.git
  revision: 6c9f9719a772a8de3d63d5edfadd0ef326a59a62
  branch: frontier
  specs:
    grape (0.1.5)
      hashie (~> 1.2)
      multi_json
      multi_xml
      rack
      rack-mount

GIT
  remote: https://github.com/paulelliott/fabrication.git
  revision: 548fab745caf3524839b65421944293e8b3fe983
  specs:
    fabrication (1.3.1)

GIT
  remote: https://github.com/rack/rack-contrib.git
  revision: af3663ca6200f8292b221acd5a406af33c219249
  specs:
    rack-contrib (1.1.0)
      rack (>= 0.9.1)

GEM
  remote: http://rubygems.org/
  specs:
    activemodel (3.2.1)
      activesupport (= 3.2.1)
      builder (~> 3.0.0)
    activesupport (3.2.1)
      i18n (~> 0.6)
      multi_json (~> 1.0)
    bson (1.5.2)
    bson_ext (1.5.2)
      bson (= 1.5.2)
    builder (3.0.0)
    diff-lcs (1.1.3)
    hashie (1.2.0)
    i18n (0.6.0)
    mongo (1.5.2)
      bson (= 1.5.2)
    mongoid (2.4.4)
      activemodel (~> 3.1)
      mongo (~> 1.3)
      tzinfo (~> 0.3.22)
    multi_json (1.0.4)
    multi_xml (0.4.1)
    rack (1.4.1)
    rack-mount (0.8.3)
      rack (>= 1.0.0)
    rack-test (0.6.1)
      rack (>= 1.0)
    rspec (2.8.0)
      rspec-core (~> 2.8.0)
      rspec-expectations (~> 2.8.0)
      rspec-mocks (~> 2.8.0)
    rspec-core (2.8.0)
    rspec-expectations (2.8.0)
      diff-lcs (~> 1.1.2)
    rspec-mocks (2.8.0)
    tzinfo (0.3.31)

PLATFORMS
  ruby

DEPENDENCIES
  bson_ext
  fabrication!
  grape!
  mongoid
  rack
  rack-contrib!
  rack-test
  rspec
  rspec-core
  rspec-expectations
  rspec-mocks
